GEM
  remote: https://rubygems.org/
  specs:
    actionmailer (3.2.3.rc1)
      actionpack (= 3.2.3.rc1)
      mail (~> 2.4.4)
    actionpack (3.2.3.rc1)
      activemodel (= 3.2.3.rc1)
      activesupport (= 3.2.3.rc1)
      builder (~> 3.0.0)
      erubis (~> 2.7.0)
      journey (~> 1.0.1)
      rack (~> 1.4.0)
      rack-cache (~> 1.2)
      rack-test (~> 0.6.1)
      sprockets (~> 2.1.2)
    activemodel (3.2.3.rc1)
      activesupport (= 3.2.3.rc1)
      builder (~> 3.0.0)
    activerecord (3.2.3.rc1)
      activemodel (= 3.2.3.rc1)
      activesupport (= 3.2.3.rc1)
      arel (~> 3.0.2)
      tzinfo (~> 0.3.29)
    activerecord-jdbc-adapter (1.2.2)
    activerecord-jdbcsqlite3-adapter (1.2.2)
      activerecord-jdbc-adapter (~> 1.2.2)
      jdbc-sqlite3 (~> 3.7.2)
    activeresource (3.2.3.rc1)
      activemodel (= 3.2.3.rc1)
      activesupport (= 3.2.3.rc1)
    activesupport (3.2.3.rc1)
      i18n (~> 0.6)
      multi_json (~> 1.0)
    arel (3.0.2)
    bcrypt-ruby (3.0.1)
    bcrypt-ruby (3.0.1-java)
    bcrypt-ruby (3.0.1-x86-mingw32)
    bouncy-castle-java (1.5.0146.1)
    builder (3.0.0)
    coffee-rails (3.2.2)
      coffee-script (>= 2.2.0)
      railties (~> 3.2.0)
    coffee-script (2.2.0)
      coffee-script-source
      execjs
    coffee-script-source (1.2.0)
    devise (2.0.4)
      bcrypt-ruby (~> 3.0)
      orm_adapter (~> 0.0.3)
      railties (~> 3.1)
      warden (~> 1.1.1)
    erubis (2.7.0)
    execjs (1.3.0)
      multi_json (~> 1.0)
    hashie (1.2.0)
    hike (1.2.1)
    i18n (0.6.0)
    jdbc-sqlite3 (3.7.2)
    journey (1.0.3)
    jquery-rails (2.0.1)
      railties (>= 3.2.0, < 5.0)
      thor (~> 0.14)
    jruby-openssl (0.7.6.1)
      bouncy-castle-java (>= 1.5.0146.1)
    json (1.6.6)
    json (1.6.6-java)
    mail (2.4.4)
      i18n (>= 0.4.0)
      mime-types (~> 1.16)
      treetop (~> 1.4.8)
    mime-types (1.18)
    multi_json (1.2.0)
    oauth (0.4.5)
    omniauth (1.0.3)
      hashie (~> 1.2)
      rack
    omniauth-oauth (1.0.1)
      oauth
      omniauth (~> 1.0)
    omniauth-twitter (0.0.9)
      omniauth-oauth (~> 1.0)
    orm_adapter (0.0.7)
    polyglot (0.3.3)
    rack (1.4.1)
    rack-cache (1.2)
      rack (>= 0.4)
    rack-ssl (1.3.2)
      rack
    rack-test (0.6.1)
      rack (>= 1.0)
    rails (3.2.3.rc1)
      actionmailer (= 3.2.3.rc1)
      actionpack (= 3.2.3.rc1)
      activerecord (= 3.2.3.rc1)
      activeresource (= 3.2.3.rc1)
      activesupport (= 3.2.3.rc1)
      bundler (~> 1.0)
      railties (= 3.2.3.rc1)
    railties (3.2.3.rc1)
      actionpack (= 3.2.3.rc1)
      activesupport (= 3.2.3.rc1)
      rack-ssl (~> 1.3.2)
      rake (>= 0.8.7)
      rdoc (~> 3.4)
      thor (~> 0.14.6)
    rake (0.9.2.2)
    rdoc (3.12)
      json (~> 1.4)
    sass (3.1.15)
    sass-rails (3.2.5)
      railties (~> 3.2.0)
      sass (>= 3.1.10)
      tilt (~> 1.3)
    sprockets (2.1.2)
      hike (~> 1.2)
      rack (~> 1.0)
      tilt (~> 1.1, != 1.3.0)
    therubyrhino (1.73.1)
    thor (0.14.6)
    tilt (1.3.3)
    treetop (1.4.10)
      polyglot
      polyglot (>= 0.3.1)
    tzinfo (0.3.32)
    uglifier (1.2.4)
      execjs (>= 0.3.0)
      multi_json (>= 1.0.2)
    warden (1.1.1)
      rack (>= 1.0)

PLATFORMS
  java
  x86-mingw32

DEPENDENCIES
  activerecord-jdbcsqlite3-adapter
  coffee-rails (~> 3.2.1)
  devise
  jquery-rails
  jruby-openssl
  json
  omniauth-twitter
  rails (= 3.2.3.rc1)
  sass-rails (~> 3.2.3)
  therubyrhino
  uglifier (>= 1.0.3)
